PATH
  remote: .
  specs:
    envhunter (1.0.0)
      commander (~> 5.0)
      csv (~> 3.3)
      httparty (~> 0.23)
      json (~> 2.10)
      yaml (~> 0.4)

GEM
  remote: https://rubygems.org/
  specs:
    bigdecimal (3.1.9)
    commander (5.0.0)
      highline (~> 3.0.0)
    csv (3.3.4)
    highline (3.0.1)
    httparty (0.23.1)
      csv
      mini_mime (>= 1.0.0)
      multi_xml (>= 0.5.2)
    json (2.11.2)
    mini_mime (1.1.5)
    multi_xml (0.7.1)
      bigdecimal (~> 3.1)
    yaml (0.4.0)

PLATFORMS
  arm64-darwin-24
  ruby

DEPENDENCIES
  envhunter!

BUNDLED WITH
   2.6.7
